GEM
  remote: https://rubygems.org/
  specs:
    basica (1.0.0)
    cuba (3.7.0)
      rack (~> 1.6.0)
    mote (1.1.4)
    mote-render (1.1.0)
    nomadize (0.4.2)
      pg (~> 0.18.1)
    pg (0.18.4)
    rack (1.6.4)
    shotgun (0.9.1)
      rack (>= 1.0)
    sql_capsule (0.1.1)
      pg (~> 0.18.1)

PLATFORMS
  ruby

DEPENDENCIES
  basica
  cuba (~> 3.7.0)
  mote
  mote-render
  nomadize
  shotgun
  sql_capsule

RUBY VERSION
   ruby 2.3.1p112

BUNDLED WITH
   1.12.5
